GIT
  remote: git://github.com/salama/parslet.git
  revision: beeb9b441a9ade1504f7f0e848d805e36a02c544
  specs:
    parslet (1.7.0)

GIT
  remote: git://github.com/salama/salama-arm.git
  revision: 0bd5091e3f284ecf040e0086a41d2449cd5afb7a
  specs:
    salama-arm (0.0.1)

GIT
  remote: git://github.com/salama/salama-object-file.git
  revision: fbae6a02764dbe97e01e4833f9ffffe09879b100
  specs:
    salama-object-file (0.2.0)

GIT
  remote: git://github.com/salama/salama-reader.git
  revision: 841592c667acea1e796f950851262e6938b231bc
  specs:
    salama-reader (0.2.0)
      parslet (~> 1.7.0)

GIT
  remote: git://github.com/salama/salama.git
  revision: 3fb08acf3f83aa403b095aa60be1702419d8a66d
  specs:
    salama (0.2.0)
      salama-object-file (~> 0.2)
      salama-reader (~> 0.2)

PATH
  remote: ../react.rb
  specs:
    opal-react (0.2.2)
      opal
      opal-activesupport

GEM
  remote: https://rubygems.org/
  specs:
    hike (1.2.3)
    minitest (5.7.0)
    opal (0.8.0)
      hike (~> 1.2)
      sourcemap (~> 0.1.0)
      sprockets (~> 3.1)
      tilt (>= 1.4)
    opal-activesupport (0.1.0)
      opal (>= 0.5.0, < 1.0.0)
    opal-jquery (0.4.0)
      opal (>= 0.7.0, < 0.9.0)
    rack (1.6.4)
    react-source (0.13.3)
    rubygems-tasks (0.2.4)
    sass (3.4.16)
    sourcemap (0.1.1)
    sprockets (3.2.0)
      rack (~> 1.0)
    susy (2.2.5)
      sass (>= 3.3.0, < 3.5)
    tilt (2.0.1)

PLATFORMS
  ruby

DEPENDENCIES
  minitest
  opal-jquery
  opal-react!
  parslet!
  react-source
  rubygems-tasks
  salama!
  salama-arm!
  salama-object-file!
  salama-reader!
  susy

BUNDLED WITH
   1.10.5
