PATH
  remote: ../parslet
  specs:
    parslet (1.7.0)

PATH
  remote: ../react.rb
  specs:
    opal-react (0.2.2)
      opal
      opal-activesupport

PATH
  remote: ../salama
  specs:
    salama (0.2.0)
      salama-object-file (~> 0.2)
      salama-reader (~> 0.2)

PATH
  remote: ../salama-arm
  specs:
    salama-arm (0.0.1)

PATH
  remote: ../salama-object-file
  specs:
    salama-object-file (0.2.0)

PATH
  remote: ../salama-reader
  specs:
    salama-reader (0.2.0)
      parslet (~> 1.7.0)

GEM
  remote: https://rubygems.org/
  specs:
    hike (1.2.3)
    opal (0.8.0)
      hike (~> 1.2)
      sourcemap (~> 0.1.0)
      sprockets (~> 3.1)
      tilt (>= 1.4)
    opal-activesupport (0.1.0)
      opal (>= 0.5.0, < 1.0.0)
    opal-jquery (0.4.0)
      opal (>= 0.7.0, < 0.9.0)
    rack (1.6.4)
    react-source (0.13.3)
    sourcemap (0.1.1)
    sprockets (3.2.0)
      rack (~> 1.0)
    tilt (2.0.1)

PLATFORMS
  ruby

DEPENDENCIES
  opal-jquery
  opal-react!
  parslet!
  react-source
  salama!
  salama-arm!
  salama-object-file!
  salama-reader!

BUNDLED WITH
   1.10.5
