GIT
  remote: git://github.com/opal/opal.git
  revision: c604685071f8560d3357044683a99b80b210a99b
  specs:
    opal (0.9.0.dev)
      hike (~> 1.2)
      sourcemap (~> 0.1.0)
      sprockets (~> 3.1)
      tilt (>= 1.4)

GIT
  remote: git://github.com/salama/parslet.git
  revision: 1381e3320efd0133b1d2935ef80079717ce9f245
  specs:
    parslet (1.7.1)

GIT
  remote: git://github.com/salama/salama-arm.git
  revision: 0bd5091e3f284ecf040e0086a41d2449cd5afb7a
  specs:
    salama-arm (0.0.1)

GIT
  remote: git://github.com/salama/salama-object-file.git
  revision: fbae6a02764dbe97e01e4833f9ffffe09879b100
  specs:
    salama-object-file (0.2.0)

GIT
  remote: git://github.com/salama/salama-reader.git
  revision: 34691f36d13f68d2c39cea266f26ea201bc78bb6
  specs:
    salama-reader (0.2.0)
      ast (~> 2.1.0)
      parslet (~> 1.7.0)

GIT
  remote: git://github.com/salama/salama.git
  revision: 83ef902b5595784b691b09ad91afa87490ba5194
  specs:
    salama (0.2.0)
      salama-object-file (~> 0.2)
      salama-reader (~> 0.2)

PATH
  remote: ../ast
  specs:
    ast (2.1.0)

GEM
  remote: https://rubygems.org/
  specs:
    capybara (2.4.4)
      mime-types (>= 1.16)
      nokogiri (>= 1.3.3)
      rack (>= 1.0.0)
      rack-test (>= 0.5.4)
      xpath (~> 2.0)
    childprocess (0.5.6)
      ffi (~> 1.0, >= 1.0.11)
    chromedriver2-helper (0.0.8)
      nokogiri
    cliver (0.3.2)
    diff-lcs (1.2.5)
    ffi (1.9.10)
    hike (1.2.3)
    mime-types (2.6.1)
    mini_portile (0.6.2)
    minitest (5.8.0)
    multi_json (1.11.2)
    nokogiri (1.6.6.2)
      mini_portile (~> 0.6.0)
    opal-browser (0.2.0)
      opal
      paggio
    opal-rspec (0.4.3)
      opal (>= 0.7.0, < 0.9)
    paggio (0.2.4)
    poltergeist (1.5.1)
      capybara (~> 2.1)
      cliver (~> 0.3.1)
      multi_json (~> 1.0)
      websocket-driver (>= 0.2.0)
    rack (1.6.4)
    rack-test (0.6.3)
      rack (>= 1.0)
    rspec (3.2.0)
      rspec-core (~> 3.2.0)
      rspec-expectations (~> 3.2.0)
      rspec-mocks (~> 3.2.0)
    rspec-core (3.2.3)
      rspec-support (~> 3.2.0)
    rspec-expectations (3.2.1)
      diff-lcs (>= 1.2.0, < 2.0)
      rspec-support (~> 3.2.0)
    rspec-mocks (3.2.1)
      diff-lcs (>= 1.2.0, < 2.0)
      rspec-support (~> 3.2.0)
    rspec-support (3.2.2)
    rubyzip (1.1.7)
    sass (3.4.16)
    selenium-webdriver (2.43.0)
      childprocess (~> 0.5)
      multi_json (~> 1.0)
      rubyzip (~> 1.0)
      websocket (~> 1.0)
    sourcemap (0.1.1)
    sprockets (3.3.2)
      rack (~> 1.0)
    susy (2.2.5)
      sass (>= 3.3.0, < 3.5)
    tilt (2.0.1)
    websocket (1.2.2)
    websocket-driver (0.5.4)
      websocket-extensions (>= 0.1.0)
    websocket-extensions (0.1.2)
    xpath (2.0.0)
      nokogiri (~> 1.3)

PLATFORMS
  ruby

DEPENDENCIES
  ast!
  capybara (~> 2.4.2)
  chromedriver2-helper (~> 0.0.8)
  minitest
  opal!
  opal-browser
  opal-rspec (~> 0.4.2)
  parslet!
  poltergeist (~> 1.5.0)
  rspec (~> 3.2.0)
  salama!
  salama-arm!
  salama-object-file!
  salama-reader!
  sass
  selenium-webdriver (~> 2.43.0)
  susy

BUNDLED WITH
   1.10.6
