GIT
  remote: git://github.com/salama/salama-object-file.git
  revision: aab01b23108f10063433b1ef9f703ff2927d0b80
  specs:
    salama-object-file (0.3.0)

GIT
  remote: git://github.com/whitequark/ast.git
  revision: 93c43433ec4d4344485eb4ea6f8948925f092af1
  branch: master
  specs:
    ast (2.3.0)

PATH
  remote: ../salama
  specs:
    salama (0.5.0)
      parser (~> 2.2.0)
      salama-object-file (~> 0.3)

GEM
  remote: https://rubygems.org/
  specs:
    capybara (2.4.4)
      mime-types (>= 1.16)
      nokogiri (>= 1.3.3)
      rack (>= 1.0.0)
      rack-test (>= 0.5.4)
      xpath (~> 2.0)
    childprocess (0.5.6)
      ffi (~> 1.0, >= 1.0.11)
    chromedriver2-helper (0.0.8)
      nokogiri
    cliver (0.3.2)
    concurrent-ruby (1.0.3)
    diff-lcs (1.2.5)
    ffi (1.9.10)
    hike (1.2.3)
    mime-types (2.6.2)
    mini_portile (0.6.2)
    minitest (5.8.1)
    multi_json (1.11.2)
    nokogiri (1.6.6.2)
      mini_portile (~> 0.6.0)
    opal (0.10.3)
      hike (~> 1.2)
      sourcemap (~> 0.1.0)
      sprockets (~> 3.1)
      tilt (>= 1.4)
    opal-browser (0.2.0)
      opal
      paggio
    opal-rspec (0.6.0)
      opal (>= 0.10.0, < 0.11)
    opal-sprockets (0.4.0.0.10.0.3.0.0)
      opal (~> 0.10.0)
      sprockets (~> 3.0)
      tilt (>= 1.4)
    paggio (0.2.5)
    parser (2.2.3.0)
      ast (>= 1.1, < 3.0)
    poltergeist (1.5.1)
      capybara (~> 2.1)
      cliver (~> 0.3.1)
      multi_json (~> 1.0)
      websocket-driver (>= 0.2.0)
    rack (2.0.1)
    rack-test (0.6.3)
      rack (>= 1.0)
    rspec (3.2.0)
      rspec-core (~> 3.2.0)
      rspec-expectations (~> 3.2.0)
      rspec-mocks (~> 3.2.0)
    rspec-core (3.2.3)
      rspec-support (~> 3.2.0)
    rspec-expectations (3.2.1)
      diff-lcs (>= 1.2.0, < 2.0)
      rspec-support (~> 3.2.0)
    rspec-mocks (3.2.1)
      diff-lcs (>= 1.2.0, < 2.0)
      rspec-support (~> 3.2.0)
    rspec-support (3.2.2)
    rubyzip (1.1.7)
    sass (3.4.18)
    selenium-webdriver (2.43.0)
      childprocess (~> 0.5)
      multi_json (~> 1.0)
      rubyzip (~> 1.0)
      websocket (~> 1.0)
    sourcemap (0.1.1)
    sprockets (3.7.1)
      concurrent-ruby (~> 1.0)
      rack (> 1, < 3)
    susy (2.2.6)
      sass (>= 3.3.0, < 3.5)
    tilt (2.0.5)
    websocket (1.2.2)
    websocket-driver (0.6.2)
      websocket-extensions (>= 0.1.0)
    websocket-extensions (0.1.2)
    xpath (2.0.0)
      nokogiri (~> 1.3)

PLATFORMS
  ruby

DEPENDENCIES
  ast!
  capybara (~> 2.4.2)
  chromedriver2-helper (~> 0.0.8)
  minitest
  opal
  opal-browser
  opal-rspec
  opal-sprockets
  poltergeist (~> 1.5.0)
  rspec (~> 3.2.0)
  salama (= 0.5)!
  salama-object-file!
  sass
  selenium-webdriver (~> 2.43.0)
  susy

BUNDLED WITH
   1.13.5
